GEM
  remote: https://rubygems.org/
  specs:
    erubis (2.7.0)
    hiredis (0.6.0)
    kgio (2.10.0)
    mysql2 (0.4.0)
    mysql2-cs-bind (0.0.6)
      mysql2
    prefork_engine (0.0.5)
      proc-wait3 (~> 1.7.2)
    proc-wait3 (1.7.2)
    rack (1.6.4)
    rack-protection (1.5.3)
      rack
    raindrops (0.15.0)
    redis (3.2.1)
    rhebok (0.8.6)
      prefork_engine (>= 0.0.4)
      rack
    sinatra (1.4.6)
      rack (~> 1.4)
      rack-protection (~> 1.4)
      tilt (>= 1.3, < 3)
    tilt (2.0.1)
    unicorn (4.9.0)
      kgio (~> 2.6)
      rack
      raindrops (~> 0.7)

PLATFORMS
  ruby

DEPENDENCIES
  erubis
  hiredis
  mysql2
  mysql2-cs-bind
  redis
  rhebok
  sinatra
  unicorn

BUNDLED WITH
   1.10.6
